GEM
  remote: https://rubygems.org/
  specs:
    chuck_norris (0.1.0)
    coderay (1.1.2)
    colorize (0.8.1)
    method_source (0.9.0)
    mime-types (1.25.1)
    pry (0.11.3)
      coderay (~> 1.1.0)
      method_source (~> 0.9.0)
    rest-client (1.6.9)
      mime-types (~> 1.16)

PLATFORMS
  ruby

DEPENDENCIES
  chuck_norris
  colorize
  pry
  rest-client

BUNDLED WITH
   1.16.1
